GIT
  remote: git://github.com/dbalatero/typhoeus.git
  revision: 1f8ed7b6256207b10e870d0f1b82b99ce0249480
  specs:
    typhoeus (0.2.4)
      mime-types

GEM
  remote: http://rubygems.org/
  remote: http://rubygems.org/
  specs:
    activemodel (3.1.0)
      activesupport (= 3.1.0)
      bcrypt-ruby (~> 3.0.0)
      builder (~> 3.0.0)
      i18n (~> 0.6)
    activesupport (3.1.0)
      multi_json (~> 1.0)
    awesome_print (0.3.1)
    bcrypt-ruby (3.0.1)
    bson (1.4.0)
    bson_ext (1.4.0)
    builder (3.0.0)
    daemons (1.1.4)
    diff-lcs (1.1.2)
    i18n (0.6.0)
    mime-types (1.16)
    mongo (1.3.1)
      bson (>= 1.3.1)
    mongoid (2.2.1)
      activemodel (~> 3.0)
      mongo (>= 1.3, < 1.4)
      tzinfo (~> 0.3.22)
    multi_json (1.0.3)
    rack (1.2.1)
    rack-test (0.5.7)
      rack (>= 1.0)
    rspec (2.4.0)
      rspec-core (~> 2.4.0)
      rspec-expectations (~> 2.4.0)
      rspec-mocks (~> 2.4.0)
    rspec-core (2.4.0)
    rspec-expectations (2.4.0)
      diff-lcs (~> 1.1.2)
    rspec-mocks (2.4.0)
    sinatra (1.1.2)
      rack (~> 1.1)
      tilt (~> 1.2)
    tilt (1.2.2)
    tzinfo (0.3.29)
    yajl-ruby (0.7.9)

PLATFORMS
  ruby

DEPENDENCIES
  awesome_print
  bson_ext (~> 1.4.0)
  daemons
  mongoid
  rack-test
  rspec (= 2.4.0)
  sinatra
  typhoeus!
  yajl-ruby
